PATH
  remote: ../ruby.wasm/packages/gems/js
  specs:
    js (2.5.0)

PATH
  remote: ../ruby.wasm
  specs:
    ruby_wasm (2.5.0)

GEM
  remote: https://rubygems.org/
  specs:
    awesome_print (1.9.2)

PLATFORMS
  ruby
  x86_64-linux

DEPENDENCIES
  awesome_print
  js!
  ruby_wasm!

BUNDLED WITH
   2.5.5
